GEM
  remote: https://rubygems.org/
  specs:
    activesupport (5.2.3)
      concurrent-ruby (~> 1.0, >= 1.0.2)
      i18n (>= 0.7, < 2)
      minitest (~> 5.1)
      tzinfo (~> 1.1)
    ast (2.4.0)
    awesome_print (1.8.0)
    backports (3.15.0)
    builder (3.2.3)
    bump (0.8.0)
    byebug (11.0.1)
    coderay (1.1.2)
    concurrent-ruby (1.1.5)
    diff-lcs (1.3)
    domain_name (0.5.20190701)
      unf (>= 0.0.5, < 1.0.0)
    faraday (0.15.4)
      multipart-post (>= 1.2, < 3)
    ffi (1.11.1)
    formatador (0.2.5)
    gherkin (5.1.0)
    guard (2.15.0)
      formatador (>= 0.2.4)
      listen (>= 2.7, < 4.0)
      lumberjack (>= 1.0.12, < 2.0)
      nenv (~> 0.1)
      notiffany (~> 0.0)
      pry (>= 0.9.12)
      shellany (~> 0.0)
      thor (>= 0.18.1)
    guard-compat (1.2.1)
    guard-puma (0.5.2)
      guard (~> 2.14)
      guard-compat (~> 1.2)
      puma (~> 3.6)
    guard-rake (1.0.0)
      guard
      rake
    guard-rubocop (1.3.0)
      guard (~> 2.0)
      rubocop (~> 0.20)
    http-cookie (1.0.3)
      domain_name (~> 0.5)
    i18n (1.6.0)
      concurrent-ruby (~> 1.0)
    jaro_winkler (1.5.3)
    json (2.1.0)
    listen (3.1.5)
      rb-fsevent (~> 0.9, >= 0.9.4)
      rb-inotify (~> 0.9, >= 0.9.7)
      ruby_dep (~> 1.2)
    lumberjack (1.0.13)
    method_source (0.9.2)
    mime-types (3.2.2)
      mime-types-data (~> 3.2015)
    mime-types-data (3.2019.0331)
    mini_portile2 (2.4.0)
    minitest (5.11.3)
    multi_json (1.13.1)
    multipart-post (2.1.1)
    mustermann (1.0.3)
    nenv (0.3.0)
    netrc (0.11.0)
    nokogiri (1.10.4)
      mini_portile2 (~> 2.4.0)
    notiffany (0.1.3)
      nenv (~> 0.1)
      shellany (~> 0.0)
    parallel (1.17.0)
    parser (2.6.3.0)
      ast (~> 2.4.0)
    peach (0.5.1)
    pry (0.12.2)
      coderay (~> 1.1.0)
      method_source (~> 0.9.0)
    pry-byebug (3.7.0)
      byebug (~> 11.0)
      pry (~> 0.10)
    puma (3.12.4)
    rack (2.0.7)
    rack-protection (2.0.7)
      rack
    rack-test (1.1.0)
      rack (>= 1.0, < 3)
    racksh (1.0.0)
      rack (>= 1.0)
      rack-test (>= 0.5)
    rainbow (3.0.0)
    rake (12.0.0)
    rb-fsevent (0.10.3)
    rb-inotify (0.10.0)
      ffi (~> 1.0)
    rb-readline (0.5.5)
    rest-client (2.0.2)
      http-cookie (>= 1.0.2, < 2.0)
      mime-types (>= 1.16, < 4.0)
      netrc (~> 0.8)
    rsolr (2.2.1)
      builder (>= 2.1.2)
      faraday (>= 0.9.0)
    rsolr-ext (1.0.3)
      rsolr (>= 1.0.2)
    rspec (3.8.0)
      rspec-core (~> 3.8.0)
      rspec-expectations (~> 3.8.0)
      rspec-mocks (~> 3.8.0)
    rspec-core (3.8.2)
      rspec-support (~> 3.8.0)
    rspec-expectations (3.8.4)
      diff-lcs (>= 1.2.0, < 2.0)
      rspec-support (~> 3.8.0)
    rspec-mocks (3.8.1)
      diff-lcs (>= 1.2.0, < 2.0)
      rspec-support (~> 3.8.0)
    rspec-support (3.8.2)
    rubocop (0.71.0)
      jaro_winkler (~> 1.5.1)
      parallel (~> 1.10)
      parser (>= 2.6)
      rainbow (>= 2.2.2, < 4.0)
      ruby-progressbar (~> 1.7)
      unicode-display_width (>= 1.4.0, < 1.7)
    ruby-progressbar (1.10.1)
    ruby_dep (1.5.0)
    shellany (0.0.1)
    sinatra (2.0.7)
      mustermann (~> 1.0)
      rack (~> 2.0)
      rack-protection (= 2.0.7)
      tilt (~> 2.0)
    sinatra-contrib (2.0.7)
      backports (>= 2.8.2)
      multi_json
      mustermann (~> 1.0)
      rack-protection (= 2.0.7)
      sinatra (= 2.0.7)
      tilt (~> 2.0)
    sinatra-cross_origin (0.4.0)
    thor (0.20.3)
    thread_safe (0.3.6)
    tilt (2.0.9)
    turnip (3.1.0)
      gherkin (~> 5.0)
      rspec (>= 3.0, < 4.0)
    turnip_formatter (0.7.1)
      activesupport (>= 4.2.7, < 6.0)
      rspec (>= 3.3, < 4.0)
      turnip (~> 3.1.0)
    tzinfo (1.2.5)
      thread_safe (~> 0.1)
    unf (0.1.4)
      unf_ext
    unf_ext (0.0.7.6)
    unicode-display_width (1.6.0)
    yard (0.9.20)
    yard-sinatra (1.0.0)
      yard (~> 0.7)
    yarjuf (2.0.0)
      builder
      rspec (~> 3)

PLATFORMS
  ruby

DEPENDENCIES
  awesome_print
  bump (~> 0.8.0)
  guard
  guard-puma
  guard-rake
  guard-rubocop
  json (~> 2.1.0)
  nokogiri (~> 1.10.4)
  peach (~> 0.5.1)
  pry-byebug
  puma (~> 3.12.4)
  rack-test
  racksh
  rake (~> 12.0.0)
  rb-readline
  rest-client (~> 2.0.2)
  rsolr
  rsolr-ext
  rspec (~> 3.8.0)
  rubocop (~> 0.71.0)
  sinatra (~> 2.0.5)
  sinatra-contrib (~> 2.0.5)
  sinatra-cross_origin (~> 0.4.0)
  tilt
  turnip (~> 3.1.0)
  turnip_formatter (~> 0.7.1)
  yard (~> 0.9.9)
  yard-sinatra (~> 1.0.0)
  yarjuf

RUBY VERSION
   ruby 2.5.1p57

BUNDLED WITH
   2.0.1
